GEM
  remote: https://rubygems.org/
  specs:
    cinch (2.0.12)
    marky_markov (0.3.4)
      ox (~> 1.4)
    mini_portile (0.5.2)
    nokogiri (1.6.1)
      mini_portile (~> 0.5.0)
    ox (1.9.4)

PLATFORMS
  ruby

DEPENDENCIES
  cinch
  marky_markov
  nokogiri
