GEM
  remote: https://rubygems.org/
  specs:
    active_hash (1.2.3)
      activesupport (>= 2.2.2)
    activesupport (4.0.2)
      i18n (~> 0.6, >= 0.6.4)
      minitest (~> 4.2)
      multi_json (~> 1.3)
      thread_safe (~> 0.1)
      tzinfo (~> 0.3.37)
    atomic (1.1.14)
    capistrano (3.1.0)
      i18n
      rake (>= 10.0.0)
      sshkit (~> 1.3)
    capistrano-rvm (0.1.1)
      capistrano (~> 3.0)
      sshkit (~> 1.2)
    cinch (2.0.12)
    classifier (1.3.1)
      stemmer (>= 1.0.0)
    domain_name (0.5.20160310)
      unf (>= 0.0.5, < 1.0.0)
    http-cookie (1.0.2)
      domain_name (~> 0.5)
    i18n (0.6.9)
    microsoft_translator (0.2.0)
      nokogiri (>= 1.4.0)
      rest-client (>= 1.6.0)
    mime-types (2.99.1)
    mini_portile (0.5.2)
    minitest (4.7.5)
    multi_json (1.8.4)
    net-scp (1.1.2)
      net-ssh (>= 2.6.5)
    net-ssh (2.8.0)
    netrc (0.11.0)
    nokogiri (1.6.1)
      mini_portile (~> 0.5.0)
    rake (10.1.1)
    rest-client (1.8.0)
      http-cookie (>= 1.0.2, < 2.0)
      mime-types (>= 1.16, < 3.0)
      netrc (~> 0.7)
    sshkit (1.3.0)
      net-scp (>= 1.1.2)
      net-ssh
      term-ansicolor
    stemmer (1.0.1)
    term-ansicolor (1.3.0)
      tins (~> 1.0)
    thread_safe (0.1.3)
      atomic
    tins (1.0.0)
    twss (0.0.5)
      classifier (= 1.3.1)
    tzinfo (0.3.38)
    unf (0.1.4)
      unf_ext
    unf_ext (0.0.7.2)

PLATFORMS
  ruby

DEPENDENCIES
  active_hash (~> 1.2.3)
  capistrano (~> 3.1.0)
  capistrano-rvm (~> 0.1.1)
  cinch (~> 2.0.12)
  microsoft_translator
  nokogiri (~> 1.6.1)
  twss

BUNDLED WITH
   1.11.2
