GEM
  remote: https://rubygems.org/
  specs:
    active_hash (1.2.3)
      activesupport (>= 2.2.2)
    activesupport (4.0.2)
      i18n (~> 0.6, >= 0.6.4)
      minitest (~> 4.2)
      multi_json (~> 1.3)
      thread_safe (~> 0.1)
      tzinfo (~> 0.3.37)
    atomic (1.1.14)
    capistrano (3.1.0)
      i18n
      rake (>= 10.0.0)
      sshkit (~> 1.3)
    cinch (2.0.12)
    i18n (0.6.9)
    marky_markov (0.3.4)
      ox (~> 1.4)
    mini_portile (0.5.2)
    minitest (4.7.5)
    multi_json (1.8.4)
    net-scp (1.1.2)
      net-ssh (>= 2.6.5)
    net-ssh (2.8.0)
    nokogiri (1.6.1)
      mini_portile (~> 0.5.0)
    ox (1.9.4)
    rake (10.1.1)
    sshkit (1.3.0)
      net-scp (>= 1.1.2)
      net-ssh
      term-ansicolor
    term-ansicolor (1.3.0)
      tins (~> 1.0)
    thread_safe (0.1.3)
      atomic
    tins (1.0.0)
    tzinfo (0.3.38)

PLATFORMS
  ruby

DEPENDENCIES
  active_hash (~> 1.2.3)
  capistrano (~> 3.1.0)
  cinch (~> 2.0.12)
  marky_markov (~> 0.3.4)
  nokogiri (~> 1.6.1)
